GEM
  remote: https://rubygems.org/
  specs:
    CFPropertyList (2.2.8)
    coderay (1.1.0)
    colorize (0.7.7)
    deep_merge (1.0.1)
    diff-lcs (1.2.5)
    docile (1.1.5)
    facter (2.4.4)
      CFPropertyList (~> 2.2.6)
    hiera (3.0.5)
      json_pure
    json (1.8.3)
    json_pure (1.8.3)
    metaclass (0.0.4)
    method_source (0.8.2)
    mocha (1.1.0)
      metaclass (~> 0.0.1)
    netaddr (1.5.0)
    openstack (1.1.2)
      json
    parallel (1.6.1)
    pry (0.10.3)
      coderay (~> 1.1.0)
      method_source (~> 0.8.1)
      slop (~> 3.4)
    puppet (4.3.1)
      facter (> 2.0, < 4)
      hiera (>= 2.0, < 4)
      json_pure
    puppet-lint (0.3.2)
    puppet-syntax (2.0.0)
      rake
    puppetlabs_spec_helper (1.0.1)
      mocha
      puppet-lint
      puppet-syntax
      rake
      rspec-puppet
    rake (10.4.2)
    rspec (3.4.0)
      rspec-core (~> 3.4.0)
      rspec-expectations (~> 3.4.0)
      rspec-mocks (~> 3.4.0)
    rspec-core (3.4.1)
      rspec-support (~> 3.4.0)
    rspec-expectations (3.4.0)
      diff-lcs (>= 1.2.0, < 2.0)
      rspec-support (~> 3.4.0)
    rspec-mocks (3.4.0)
      diff-lcs (>= 1.2.0, < 2.0)
      rspec-support (~> 3.4.0)
    rspec-puppet (2.2.0)
      rspec
    rspec-puppet-utils (2.0.6)
    rspec-support (3.4.1)
    simplecov (0.11.1)
      docile (~> 1.1.0)
      json (~> 1.8)
      simplecov-html (~> 0.10.0)
    simplecov-html (0.10.0)
    slop (3.6.0)

PLATFORMS
  ruby

DEPENDENCIES
  colorize
  deep_merge
  netaddr
  openstack
  parallel
  pry
  puppet
  puppet-lint (~> 0.3.2)
  puppetlabs_spec_helper
  rspec-puppet (~> 2.2.0)
  rspec-puppet-utils (~> 2.0.0)
  simplecov
